PATH
  remote: .
  specs:
    crypto_search_cli (0.1.0)
      date
      monetize
      money
      nokogiri
      rainbow

GEM
  remote: https://rubygems.org/
  specs:
    coderay (1.1.3)
    concurrent-ruby (1.1.7)
    date (3.1.1)
    diff-lcs (1.4.4)
    i18n (1.8.6)
      concurrent-ruby (~> 1.0)
    method_source (1.0.0)
    monetize (1.9.4)
      money (~> 6.12)
    money (6.13.8)
      i18n (>= 0.6.4, <= 2)
    nokogiri (1.11.0-x86_64-darwin)
      racc (~> 1.4)
    pry (0.13.1)
      coderay (~> 1.1)
      method_source (~> 1.0)
    racc (1.5.2)
    rainbow (3.0.0)
    rake (12.3.3)
    rspec (3.10.0)
      rspec-core (~> 3.10.0)
      rspec-expectations (~> 3.10.0)
      rspec-mocks (~> 3.10.0)
    rspec-core (3.10.1)
      rspec-support (~> 3.10.0)
    rspec-expectations (3.10.1)
      diff-lcs (>= 1.2.0, < 2.0)
      rspec-support (~> 3.10.0)
    rspec-mocks (3.10.1)
      diff-lcs (>= 1.2.0, < 2.0)
      rspec-support (~> 3.10.0)
    rspec-support (3.10.1)

PLATFORMS
  ruby

DEPENDENCIES
  crypto_search_cli!
  date
  monetize
  money
  pry
  rainbow
  rake (~> 12.0)
  rspec (~> 3.0)

BUNDLED WITH
   2.1.4
